PATH
  remote: ../github-pivotal-flow
  specs:
    github-pivotal-flow (1.3)
      highline (~> 1.6)
      multi_json (~> 1.8)
      pivotal-tracker (~> 0.5)

GEM
  remote: https://rubygems.org/
  specs:
    builder (3.2.2)
    crack (0.4.3)
      safe_yaml (~> 1.0.0)
    domain_name (0.5.20160310)
      unf (>= 0.0.5, < 1.0.0)
    highline (1.7.8)
    http-cookie (1.0.2)
      domain_name (~> 0.5)
    mime-types (2.99.1)
    mini_portile2 (2.0.0)
    multi_json (1.11.2)
    netrc (0.11.0)
    nokogiri (1.6.7.2)
      mini_portile2 (~> 2.0.0.rc2)
    nokogiri-happymapper (0.5.9)
      nokogiri (~> 1.5)
    pivotal-tracker (0.5.13)
      builder
      crack
      nokogiri (>= 1.5.5)
      nokogiri-happymapper (>= 0.5.4)
      rest-client (>= 1.8.0)
    rack (1.6.4)
    rest-client (1.8.0)
      http-cookie (>= 1.0.2, < 2.0)
      mime-types (>= 1.16, < 3.0)
      netrc (~> 0.7)
    safe_yaml (1.0.4)
    unf (0.1.4)
      unf_ext
    unf_ext (0.0.7.2)

PLATFORMS
  ruby

DEPENDENCIES
  github-pivotal-flow!
  rack

BUNDLED WITH
   1.11.2
